PATH
  remote: .
  specs:
    xcli (0.0.2)
      command_line_reporter (~> 2.1)
      grit (~> 2.4.1)
      httparty (~> 0.8.1)
      thor (~> 0.14.0)

GEM
  remote: http://rubygems.org/
  specs:
    command_line_reporter (2.1)
    diff-lcs (1.1.3)
    grit (2.4.1)
      diff-lcs (~> 1.1)
      mime-types (~> 1.15)
    httparty (0.8.1)
      multi_json
      multi_xml
    mime-types (1.17.2)
    multi_json (1.0.4)
    multi_xml (0.4.1)
    thor (0.14.6)

PLATFORMS
  ruby

DEPENDENCIES
  xcli!
